PATH
  remote: .
  specs:
    bson-objectid-to-uuid (0.1.2)
      bson (~> 4.0)

GEM
  remote: https://rubygems.org/
  specs:
    ast (2.4.0)
    bson (4.3.0)
    minitest (5.11.3)
    parallel (1.12.1)
    parser (2.4.0.2)
      ast (~> 2.3)
    powerpack (0.1.1)
    rainbow (3.0.0)
    rake (10.5.0)
    rubocop (0.52.1)
      parallel (~> 1.10)
      parser (>= 2.4.0.2, < 3.0)
      powerpack (~> 0.1)
      rainbow (>= 2.2.2, < 4.0)
      ruby-progressbar (~> 1.7)
      unicode-display_width (~> 1.0, >= 1.0.1)
    ruby-progressbar (1.9.0)
    simple_uuid (0.4.0)
    unicode-display_width (1.3.0)

PLATFORMS
  ruby

DEPENDENCIES
  bson-objectid-to-uuid!
  bundler (~> 1.16)
  minitest (~> 5.0)
  rake (~> 10.0)
  rubocop (~> 0.52)
  simple_uuid (>= 0.4)

BUNDLED WITH
   1.16.1
